PATH
  remote: ../achis
  specs:
    achis (1.0.0.beta7)
      double-bag-ftps (~> 0.1.2)
      guevara (~> 0.2)
      net-sftp (~> 2.1.2)
      validated_accessors (~> 0.1)

GEM
  remote: https://rubygems.org/
  specs:
    clap (1.0.0)
    coderay (1.1.0)
    cuba (3.3.0)
      rack
    cutest (1.2.2)
      clap
    double-bag-ftps (0.1.2)
    guevara (0.2.0)
    method_source (0.8.2)
    net-sftp (2.1.2)
      net-ssh (>= 2.6.5)
    net-ssh (2.9.1)
    pry (0.10.1)
      coderay (~> 1.1.0)
      method_source (~> 0.8.1)
      slop (~> 3.4)
    rack (1.5.2)
    rack-test (0.6.2)
      rack (>= 1.0)
    rake (10.4.0)
    slop (3.6.0)
    validated_accessors (0.1.1)

PLATFORMS
  ruby

DEPENDENCIES
  achis!
  cuba
  cutest
  pry
  rack-test
  rake
